{
    "AcquisitionTime": "09:41:33", 
    "ImageOrientationPatientDICOM": [
        0.999698, 
        0.0212222, 
        -0.0124205, 
        -0.0216389, 
        0.999173, 
        -0.034436
    ], 
    "ParticipantLabel": "03", 
    "SAR": 0.0988494, 
    "ShimSetting": [
        -5083, 
        7718, 
        9018, 
        507, 
        -22, 
        -395, 
        -1, 
        -353
    ], 
    "TxRefAmp": 363.263,
    "AcquisitionMatrixPE": 64, 
    "AcquisitionNumber": 1, 
    "BaseResolution": 64, 
    "BodyPartExamined": "BRAIN", 
    "ConsistencyInfo": "N4_VE11C_LATEST_20160120", 
    "ConversionSoftware": "mcverter", 
    "ConversionSoftwareVersion": "version 2.1.0 build 440", 
    "DeviceSerialNumber": "Scanner1", 
    "DwellTime": 5.2e-06, 
    "EchoTime1": 0.00437, 
    "EchoTime2": 0.00683, 
    "FlipAngle": 60, 
    "ImageType": [
        "ORIGINAL", 
        "PRIMARY", 
        "M", 
        "ND", 
        "NORM"
    ], 
    "InPlanePhaseEncodingDirectionDICOM": "ROW", 
    "InstitutionAddress": "Franklin Blvd 1440, Eugene, Oregon, 97403, USA", 
    "InstitutionName": "Lewis Center for Neuroimaging, University of Oregon", 
    "InstitutionalDepartmentName": "Department of Geography", 
    "MRAcquisitionType": "2D", 
    "MagneticFieldStrength": 3, 
    "Manufacturer": "Siemens", 
    "ManufacturersModelName": "Skyra", 
    "Modality": "MR", 
    "Orientation": "tra", 
    "PartialFourier": 1, 
    "PatientPosition": "HFS", 
    "PercentPhaseFOV": 100, 
    "PhaseEncodingDirection": "i", 
    "PhaseEncodingSteps": 64, 
    "PhaseResolution": 1, 
    "PixelBandwidth": 1500, 
    "ProtocolName": "fieldmap", 
    "PulseSequenceDetails": "%SiemensSeq%_gre_field_mapping", 
    "ReceiveCoilActiveElements": "HE1-4", 
    "ReceiveCoilName": "HeadNeck_20", 
    "ReconMatrixPE": 64, 
    "RepetitionTime": 0.639, 
    "ScanningSequence": "GR", 
    "SequenceName": "_fm2d2r", 
    "SequenceVariant": "SP", 
    "SeriesDescription": "fieldmap-magnitude", 
    "SeriesNumber": 9, 
    "SliceThickness": 4, 
    "SoftwareVersions": "syngo_MR_E11", 
    "SpacingBetweenSlices": 4, 
    "TaskInstruction": "Please rest and remain still while a reference scan runs.", 
    "TaskName": "fieldmap"
}