{
    "AcquisitionTime": "18:30:51", 
    "ImageOrientationPatientDICOM": [
        0.999665, 
        0.00527508, 
        0.0253381, 
        -0.00436188, 
        0.999344, 
        -0.0359618
    ], 
    "ParticipantLabel": "08", 
    "SAR": 0.0214667, 
    "SeriesDescription": "functional_run-2", 
    "SeriesNumber": 8, 
    "ShimSetting": [
        -5131, 
        7796, 
        8988, 
        460, 
        -217, 
        -520, 
        28, 
        -498
    ], 
    "SpacingBetweenSlices": 4.0000000262052, 
    "TxRefAmp": 379.926,
    "AcquisitionMatrixPE": 64, 
    "AcquisitionNumber": 1, 
    "BandwidthPerPixelPhaseEncode": 31.25, 
    "BaseResolution": 64, 
    "BodyPartExamined": "BRAIN", 
    "ConsistencyInfo": "N4_VE11C_LATEST_20160120", 
    "ConversionSoftware": "mcverter", 
    "ConversionSoftwareVersion": "version 2.1.0 build 440", 
    "DelayTime": 5, 
    "DerivedVendorReportedEchoSpacing": 0.0005, 
    "DeviceSerialNumber": "Scanner1", 
    "DwellTime": 3.4e-06, 
    "EchoTime": 0.027, 
    "EchoTrainLength": 64, 
    "EffectiveEchoSpacing": 0.0005, 
    "FlipAngle": 90, 
    "ImageType": [
        "ORIGINAL", 
        "PRIMARY", 
        "M", 
        "ND", 
        "NORM", 
        "MOSAIC"
    ], 
    "InPlanePhaseEncodingDirectionDICOM": "COL", 
    "InstitutionAddress": "Franklin Blvd 1440, Eugene, Oregon, 97403, USA", 
    "InstitutionName": "Lewis Center for Neuroimaging, University of Oregon", 
    "InstitutionalDepartmentName": "Department of Geography", 
    "Instructions": "Listen to the map and remember the general spatial distribution - where features are located and patterns that they make; After listening to the map you will be shown two squares and asked to decide:Does the area inside the black rectangle have higher density (louder) than the area inside the red dotted rectangle?", 
    "MRAcquisitionType": "2D", 
    "MagneticFieldStrength": 3, 
    "Manufacturer": "Siemens", 
    "ManufacturersModelName": "Skyra", 
    "Modality": "MR", 
    "Orientation": "tra", 
    "PartialFourier": 1, 
    "PatientPosition": "HFS", 
    "PercentPhaseFOV": 100, 
    "PhaseEncodingDirection": "j-", 
    "PhaseEncodingSteps": 64, 
    "PhaseResolution": 1, 
    "PixelBandwidth": 2300, 
    "ProtocolName": "Audio Cartography", 
    "PulseSequenceDetails": "%CustomerSeq%_cmrr_mbep2d_bold", 
    "ReceiveCoilActiveElements": "HE1-4", 
    "ReceiveCoilName": "HeadNeck_20", 
    "ReconMatrixPE": 64, 
    "RepetitionTime": 7, 
    "ResponseInputDevice": "button box", 
    "ScanOptions": "FS", 
    "ScanningSequence": "EP", 
    "SequenceName": "epfid2d1_64", 
    "SequenceVariant": "SK_SS", 
    "SliceThickness": 4, 
    "SliceTiming": [
        1.92, 
        1.86, 
        1.8, 
        1.74, 
        1.68, 
        1.62, 
        1.56, 
        1.5, 
        1.44, 
        1.38, 
        1.32, 
        1.26, 
        1.2, 
        1.14, 
        1.08, 
        1.02, 
        0.96, 
        0.9, 
        0.84, 
        0.78, 
        0.72, 
        0.66, 
        0.6, 
        0.54, 
        0.48, 
        0.42, 
        0.36, 
        0.3, 
        0.24, 
        0.18, 
        0.12, 
        0.06, 
        0
    ], 
    "SoftwareVersions": "syngo_MR_E11", 
    "TaskDescription": "Listen to an auditory map (sonification of geospatial data), and based on information gleaned from the map make a relative value judgement about the data contained in the map.", 
    "TaskName": "map listening", 
    "TotalReadoutTime": 0.0315
}