{
    "AcquisitionTime": "14:15:32", 
    "ImageOrientationPatientDICOM": [
        0.999732, 
        0.0171612, 
        0.0155246, 
        -0.0198941, 
        0.980053, 
        0.197739
    ], 
    "ParticipantLabel": "01", 
    "ReceiveCoilActiveElements": "HE1-4;NE1,2", 
    "SAR": 0.0872503, 
    "SeriesNumber": 14, 
    "ShimSetting": [
        -5128, 
        7629, 
        8943, 
        377, 
        -73, 
        -397, 
        -206, 
        -455
    ], 
    "TxRefAmp": 383.537,
    "AcquisitionMatrixPE": 64, 
    "AcquisitionNumber": 1, 
    "BaseResolution": 64, 
    "BodyPartExamined": "BRAIN", 
    "ConsistencyInfo": "N4_VE11C_LATEST_20160120", 
    "ConversionSoftware": "mcverter", 
    "ConversionSoftwareVersion": "version 2.1.0 build 440", 
    "DeviceSerialNumber": "Scanner1", 
    "DwellTime": 5.2e-06, 
    "EchoTime1": 0.00437, 
    "EchoTime2": 0.00683, 
    "FlipAngle": 60, 
    "ImageType": [
        "ORIGINAL", 
        "PRIMARY", 
        "P", 
        "ND"
    ], 
    "InPlanePhaseEncodingDirectionDICOM": "ROW", 
    "InstitutionAddress": "Franklin Blvd 1440, Eugene, Oregon, 97403, USA", 
    "InstitutionName": "Lewis Center for Neuroimaging, University of Oregon", 
    "InstitutionalDepartmentName": "Department of Geography", 
    "MRAcquisitionType": "2D", 
    "MagneticFieldStrength": 3, 
    "Manufacturer": "Siemens", 
    "ManufacturersModelName": "Skyra", 
    "Modality": "MR", 
    "Orientation": "tra", 
    "PartialFourier": 1, 
    "PatientPosition": "HFS", 
    "PercentPhaseFOV": 100, 
    "PhaseEncodingDirection": "i", 
    "PhaseEncodingSteps": 64, 
    "PhaseResolution": 1, 
    "PixelBandwidth": 1500, 
    "ProtocolName": "fieldmap", 
    "PulseSequenceDetails": "%SiemensSeq%_gre_field_mapping", 
    "ReceiveCoilName": "HeadNeck_20", 
    "ReconMatrixPE": 64, 
    "RepetitionTime": 0.639, 
    "ScanningSequence": "GR", 
    "SequenceName": "_fm2d2r", 
    "SequenceVariant": "SP", 
    "SeriesDescription": "fieldmap-phase", 
    "SliceThickness": 4, 
    "SoftwareVersions": "syngo_MR_E11", 
    "SpacingBetweenSlices": 4, 
    "TaskInstruction": "Please rest and remain still while a reference scan runs.", 
    "TaskName": "fieldmap"
}