{
    "AcquisitionTime": "15:37:40", 
    "ImageOrientationPatientDICOM": [
        0, 
        1, 
        0, 
        0, 
        0, 
        -1
    ], 
    "ParticipantLabel": "10", 
    "SAR": 0.0583116, 
    "ShimSetting": [
        -5099, 
        7688, 
        8989, 
        293, 
        -59, 
        -485, 
        242, 
        -383
    ], 
    "TxRefAmp": 376.755,
    "AcquisitionMatrixPE": 256, 
    "AcquisitionNumber": 1, 
    "BaseResolution": 256, 
    "BodyPartExamined": "BRAIN", 
    "ConsistencyInfo": "N4_VE11C_LATEST_20160120", 
    "ConversionSoftware": "mcverter", 
    "ConversionSoftwareVersion": "version 2.1.0 build 440", 
    "DeIdentificationSoftware": "mri_deface-v1.22", 
    "DeviceSerialNumber": "Scanner1", 
    "DwellTime": 1.03e-05, 
    "EchoTime": 0.00343, 
    "FlipAngle": 7, 
    "ImageType": [
        "ORIGINAL", 
        "PRIMARY", 
        "M", 
        "ND", 
        "NORM"
    ], 
    "InPlanePhaseEncodingDirectionDICOM": "ROW", 
    "InstitutionAddress": "Franklin Blvd 1440, Eugene, Oregon, 97403, USA", 
    "InstitutionName": "Lewis Center for Neuroimaging, University of Oregon", 
    "InstitutionalDepartmentName": "Department of Geography", 
    "InversionTime": 1.1, 
    "MRAcquisitionType": "3D", 
    "MagneticFieldStrength": 3, 
    "Manufacturer": "Siemens", 
    "ManufacturersModelName": "Skyra", 
    "Modality": "MR", 
    "Orientation": "sag", 
    "ParallelReductionFactorInPlane": 2, 
    "PartialFourier": 1, 
    "PatientPosition": "HFS", 
    "PercentPhaseFOV": 100, 
    "PhaseEncodingSteps": 255, 
    "PhaseResolution": 1, 
    "PixelBandwidth": 190, 
    "ProtocolName": "mprage_p2", 
    "PulseSequenceDetails": "%SiemensSeq%_tfl", 
    "PulseSequenceType": "MPRAGE", 
    "ReceiveCoilActiveElements": "HE1-4", 
    "ReceiveCoilName": "HeadNeck_20", 
    "ReconMatrixPE": 256, 
    "RepetitionTime": 2.5, 
    "ScanOptions": "IR", 
    "ScanningSequence": "GR_IR", 
    "SequenceName": "_tfl3d1_16ns", 
    "SequenceVariant": "SK_SP_MP", 
    "SeriesDescription": "mprage_p2_ND", 
    "SeriesNumber": 6, 
    "SliceThickness": 1, 
    "SoftwareVersions": "syngo_MR_E11", 
    "TaskInstruction": "Please rest and remain still while a reference scan runs.", 
    "TaskName": "anatomical"
}